GEM
  remote: http://rubygems.org/
  specs:
    diff-lcs (1.1.2)
    pg (0.9.0)
    rspec (2.5.0)
      rspec-core (~> 2.5.0)
      rspec-expectations (~> 2.5.0)
      rspec-mocks (~> 2.5.0)
    rspec-core (2.5.1)
    rspec-expectations (2.5.0)
      diff-lcs (~> 1.1.2)
    rspec-mocks (2.5.0)
    sequel (3.29.0)

PLATFORMS
  ruby

DEPENDENCIES
  pg
  rspec
  sequel
